GEM
  remote: https://rubygems.org/
  specs:
    concurrent-ruby (1.1.8)
    hanami-api (0.2.0)
      hanami-router (~> 2.0.alpha)
    hanami-router (2.0.0.alpha4)
      mustermann (~> 1.0)
      mustermann-contrib (~> 1.0)
      rack (~> 2.0)
    hanami-utils (1.3.7)
      concurrent-ruby (~> 1.0)
      transproc (~> 1.0)
    hansi (0.2.0)
    mustermann (1.1.1)
      ruby2_keywords (~> 0.0.1)
    mustermann-contrib (1.1.1)
      hansi (~> 0.2.0)
      mustermann (= 1.1.1)
    rack (2.2.3)
    ruby2_keywords (0.0.4)
    transproc (1.1.1)

PLATFORMS
  ruby

DEPENDENCIES
  hanami-api
  hanami-utils

BUNDLED WITH
   2.2.16
